GEM
  remote: http://rubygems.org/
  specs:
    actionmailer (2.3.8)
      actionpack (= 2.3.8)
    actionpack (2.3.8)
      activesupport (= 2.3.8)
      rack (~> 1.1.0)
    activerecord (2.3.8)
      activesupport (= 2.3.8)
    activeresource (2.3.8)
      activesupport (= 2.3.8)
    activesupport (2.3.8)
    authlogic (2.1.5)
      activesupport
    compass (0.10.4)
      haml (>= 3.0.4)
    daemons (1.1.0)
    eventmachine (0.12.10)
    friendly_id (3.0.6)
      activerecord (>= 2.2)
      activesupport (>= 2.2)
    haml (3.0.17)
    hassle (0.0.1)
      haml
      rack
    json_pure (1.4.6)
    mysql (2.8.1)
    rack (1.1.0)
    rails (2.3.8)
      actionmailer (= 2.3.8)
      actionpack (= 2.3.8)
      activerecord (= 2.3.8)
      activeresource (= 2.3.8)
      activesupport (= 2.3.8)
      rake (>= 0.8.3)
    rake (0.8.7)
    rpx_now (0.6.23)
      json_pure
    thin (1.2.7)
      daemons (>= 1.0.9)
      eventmachine (>= 0.12.6)
      rack (>= 1.0.0)

PLATFORMS
  ruby

DEPENDENCIES
  activerecord (= 2.3.8)
  authlogic (= 2.1.5)
  bundler (~> 1.0.0)
  compass (= 0.10.4)
  friendly_id (= 3.0.6)
  haml (= 3.0.17)
  hassle (~> 0.0.1)
  mysql (= 2.8.1)
  rails (= 2.3.8)
  rpx_now (~> 0.6.23)
  thin (= 1.2.7)
